GEM
  remote: https://rubygems.org/
  specs:
    awesome_print (1.8.0)
    dotenv (2.2.1)
    hippie_csv (0.1.0)
      rchardet
    pg (1.0.0)
    rchardet (1.7.0)

PLATFORMS
  ruby

DEPENDENCIES
  awesome_print
  dotenv
  hippie_csv
  pg

BUNDLED WITH
   1.16.1
