GEM
  remote: https://rubygems.org/
  specs:
    activesupport (5.1.6)
      concurrent-ruby (~> 1.0, >= 1.0.2)
      i18n (>= 0.7, < 2)
      minitest (~> 5.1)
      tzinfo (~> 1.1)
    awesome_print (1.8.0)
    concurrent-ruby (1.0.5)
    dotenv (2.2.1)
    hippie_csv (0.1.0)
      rchardet
    i18n (1.0.0)
      concurrent-ruby (~> 1.0)
    minitest (5.11.3)
    pg (1.0.0)
    rchardet (1.7.0)
    sequel (5.7.1)
    thread_safe (0.3.6)
    tzinfo (1.2.5)
      thread_safe (~> 0.1)

PLATFORMS
  ruby

DEPENDENCIES
  activesupport
  awesome_print
  dotenv
  hippie_csv
  i18n
  pg
  sequel

BUNDLED WITH
   1.16.1
