GEM
  remote: https://rubygems.org/
  specs:
    pg (1.0.0)

PLATFORMS
  ruby

DEPENDENCIES
  pg

BUNDLED WITH
   1.16.1
